GIT
  remote: https://github.com/ecds/iiif-to-jekyll.git
  revision: 1b963741716ff909c75a7f2b09932418a9a175cc
  specs:
    iiif_to_jekyll (0.2.2)
      iiif-presentation (~> 0.2.0)
      openssl

GEM
  remote: https://rubygems.org/
  specs:
    activesupport (5.2.3)
      concurrent-ruby (~> 1.0, >= 1.0.2)
      i18n (>= 0.7, < 2)
      minitest (~> 5.1)
      tzinfo (~> 1.1)
    concurrent-ruby (1.1.5)
    faraday (0.15.4)
      multipart-post (>= 1.2, < 3)
    i18n (1.6.0)
      concurrent-ruby (~> 1.0)
    iiif-presentation (0.2.0)
      activesupport (>= 3.2.18)
      faraday (>= 0.9)
      json
    json (2.2.0)
    minitest (5.11.3)
    multipart-post (2.1.1)
    openssl (2.1.2)
    thread_safe (0.3.6)
    tzinfo (1.2.5)
      thread_safe (~> 0.1)

PLATFORMS
  ruby

DEPENDENCIES
  iiif_to_jekyll (= 0.2.2)!

BUNDLED WITH
   1.16.1
