GIT
  remote: https://github.com/ecds/iiif-to-jekyll.git
  revision: 6f734546fe58c8d24ab07d24d29eee43a564a701
  specs:
    iiif_to_jekyll (0.9.4)
      iiif-presentation (~> 0.2.0)
      openssl

GEM
  remote: https://rubygems.org/
  specs:
    activesupport (6.1.0)
      concurrent-ruby (~> 1.0, >= 1.0.2)
      i18n (>= 1.6, < 2)
      minitest (>= 5.1)
      tzinfo (~> 2.0)
      zeitwerk (~> 2.3)
    concurrent-ruby (1.1.7)
    faraday (1.3.0)
      faraday-net_http (~> 1.0)
      multipart-post (>= 1.2, < 3)
      ruby2_keywords
    faraday-net_http (1.0.0)
    i18n (1.8.7)
      concurrent-ruby (~> 1.0)
    iiif-presentation (0.2.0)
      activesupport (>= 3.2.18)
      faraday (>= 0.9)
      json
    json (2.5.1)
    minitest (5.14.2)
    multipart-post (2.1.1)
    openssl (2.2.0)
    ruby2_keywords (0.0.2)
    tzinfo (2.0.4)
      concurrent-ruby (~> 1.0)
    zeitwerk (2.4.2)

PLATFORMS
  ruby
  x64-mingw32

DEPENDENCIES
  iiif_to_jekyll (= 0.9.4)!

BUNDLED WITH
   2.1.4
