GIT
  remote: https://github.com/ecds/iiif-to-jekyll.git
  revision: 5bab7e0ce4224af8b7ececf65bf5c78e51949aa5
  specs:
    iiif_to_jekyll (0.3.0)
      iiif-presentation (~> 0.2.0)
      openssl

GEM
  remote: https://rubygems.org/
  specs:
    activesupport (6.0.3.1)
      concurrent-ruby (~> 1.0, >= 1.0.2)
      i18n (>= 0.7, < 2)
      minitest (~> 5.1)
      tzinfo (~> 1.1)
      zeitwerk (~> 2.2, >= 2.2.2)
    concurrent-ruby (1.1.6)
    faraday (0.16.2)
      multipart-post (>= 1.2, < 3)
    i18n (1.8.2)
      concurrent-ruby (~> 1.0)
    iiif-presentation (0.2.0)
      activesupport (>= 3.2.18)
      faraday (>= 0.9)
      json
    json (2.2.0)
    minitest (5.14.1)
    multipart-post (2.1.1)
    openssl (2.1.2)
    thread_safe (0.3.6)
    tzinfo (1.2.7)
      thread_safe (~> 0.1)
    zeitwerk (2.3.0)

PLATFORMS
  ruby

DEPENDENCIES
  iiif_to_jekyll (= 0.3.0)!

BUNDLED WITH
   2.1.0
